GIT
  remote: git://github.com/sinatra/sinatra.git
  revision: 0b8f0a3adc7b763782cfcaad5946b7e4db8131a4
  specs:
    sinatra (1.4.2)
      rack (~> 1.4)
      rack-protection (~> 1.4)
      tilt (~> 1.3, >= 1.3.4)

GEM
  remote: http://rubygems.org/
  specs:
    haml (4.0.3)
      tilt
    mini_magick (3.6.0)
      subexec (~> 0.2.1)
    picturama (0.0.6)
      mini_magick (~> 3.6.0)
      stringex (~> 2.0.2)
    r18n-core (1.1.5)
    rack (1.5.2)
    rack-protection (1.5.0)
      rack
    rake (10.0.3)
    sinatra-r18n (1.1.5)
      r18n-core (= 1.1.5)
      sinatra (>= 1.3)
    stringex (2.0.11)
    subexec (0.2.3)
    tilt (1.4.1)

PLATFORMS
  ruby

DEPENDENCIES
  haml
  picturama
  rake
  sinatra!
  sinatra-r18n (~> 1.1.3)
