GEM
  remote: https://rubygems.org/
  specs:
    capistrano (2.15.5)
      highline
      net-scp (>= 1.0.0)
      net-sftp (>= 2.0.0)
      net-ssh (>= 2.0.14)
      net-ssh-gateway (>= 1.1.0)
    coderay (1.1.0)
    haml (4.0.3)
      tilt
    highline (1.6.21)
    method_source (0.8.2)
    mini_magick (3.6.0)
      subexec (~> 0.2.1)
    net-scp (1.1.2)
      net-ssh (>= 2.6.5)
    net-sftp (2.1.2)
      net-ssh (>= 2.6.5)
    net-ssh (2.8.0)
    net-ssh-gateway (1.2.0)
      net-ssh (>= 2.6.5)
    picturama (0.0.6)
      mini_magick (~> 3.6.0)
      stringex (~> 2.0.2)
    pry (0.9.12.6)
      coderay (~> 1.0)
      method_source (~> 0.8)
      slop (~> 3.4)
    r18n-core (1.1.5)
    rack (1.5.2)
    rack-protection (1.5.3)
      rack
    rake (10.0.3)
    sinatra (1.4.5)
      rack (~> 1.4)
      rack-protection (~> 1.4)
      tilt (~> 1.3, >= 1.3.4)
    sinatra-r18n (1.1.5)
      r18n-core (= 1.1.5)
      sinatra (>= 1.3)
    slop (3.5.0)
    stringex (2.0.11)
    subexec (0.2.3)
    tilt (1.4.1)

PLATFORMS
  ruby

DEPENDENCIES
  capistrano
  haml
  picturama
  pry
  rake
  sinatra
  sinatra-r18n (~> 1.1.3)
